PATH
  remote: .
  specs:
    picturesque (1.0.3)
      mini_magick
      rails

GEM
  remote: https://rubygems.org/
  specs:
    actionmailer (0.6.1)
      actionpack (>= 0.9.5)
    actionpack (1.4.0)
    activemodel (7.0.4.2)
      activesupport (= 7.0.4.2)
    activerecord (7.0.4.2)
      activemodel (= 7.0.4.2)
      activesupport (= 7.0.4.2)
    activesupport (7.0.4.2)
      concurrent-ruby (~> 1.0, >= 1.0.2)
      i18n (>= 1.6, < 2)
      minitest (>= 5.1)
      tzinfo (~> 2.0)
    concurrent-ruby (1.2.0)
    fabrication (2.22.0)
    i18n (1.12.0)
      concurrent-ruby (~> 1.0)
    mini_magick (4.11.0)
    minitest (5.17.0)
    pg (1.2.3)
    rack (2.2.3)
    rails (0.9.5)
      actionmailer (>= 0.6.1)
      actionpack (>= 1.4.0)
      activerecord (>= 1.6.0)
      rake (>= 0.4.15)
    rake (13.0.6)
    rspec (1.3.2)
    rspec-core (3.10.2)
      rspec-support (~> 3.10.0)
    rspec-rails (1.3.4)
      rack (>= 1.0.0)
      rspec (~> 1.3.1)
    rspec-support (3.10.2)
    rspec_junit_formatter (0.6.0)
      rspec-core (>= 2, < 4, != 2.12.0)
    slim (4.1.0)
      temple (>= 0.7.6, < 0.9)
      tilt (>= 2.0.6, < 2.1)
    slim-rails (0.2.1)
      slim (>= 0.9.2)
    temple (0.8.2)
    tilt (2.0.10)
    tzinfo (2.0.6)
      concurrent-ruby (~> 1.0)

PLATFORMS
  ruby

DEPENDENCIES
  fabrication
  pg
  picturesque!
  rspec-rails
  rspec_junit_formatter
  slim-rails

BUNDLED WITH
   2.1.4
